GEM
  remote: https://rubygems.org/
  specs:
    stackprof (0.2.19)

PLATFORMS
  x86_64-linux

DEPENDENCIES
  stackprof

BUNDLED WITH
   2.3.7
